GEM
  remote: https://rubygems.org/
  specs:
    bigdecimal (3.1.9)
    dotenv (3.1.8)
    faraday (2.13.1)
      faraday-net_http (>= 2.0, < 3.5)
      json
      logger
    faraday-net_http (3.4.0)
      net-http (>= 0.5.0)
    json (2.12.0)
    logger (1.7.0)
    net-http (0.6.0)
      uri
    oj (3.16.10)
      bigdecimal (>= 3.0)
      ostruct (>= 0.2)
    ostruct (0.6.1)
    rake (13.2.1)
    uri (1.0.3)

PLATFORMS
  ruby
  x86_64-linux

DEPENDENCIES
  dotenv
  faraday
  oj
  rake

BUNDLED WITH
   2.7.0.dev
