GEM
  remote: https://rubygems.org/
  specs:
    benchmark (0.4.0)
    dotenv (3.1.8)
    faraday (2.13.1)
      faraday-net_http (>= 2.0, < 3.5)
      json
      logger
    faraday-net_http (3.4.0)
      net-http (>= 0.5.0)
    json (2.12.0)
    logger (1.7.0)
    net-http (0.6.0)
      uri
    rake (13.2.1)
    terminal-table (4.0.0)
      unicode-display_width (>= 1.1.1, < 4)
    unicode-display_width (3.1.4)
      unicode-emoji (~> 4.0, >= 4.0.4)
    unicode-emoji (4.0.4)
    uri (1.0.3)

PLATFORMS
  ruby
  x86_64-linux

DEPENDENCIES
  benchmark
  dotenv
  faraday
  rake
  terminal-table

BUNDLED WITH
   2.7.0.dev
